GEM
  remote: https://rubygems.org/
  specs:
    chunky_png (1.3.4)
    rainbow (2.0.0)

PLATFORMS
  ruby

DEPENDENCIES
  chunky_png
  rainbow
